GEM
  specs:
    coderay (1.1.1)
    evernote-thrift (1.25.2)
    method_source (0.8.2)
    pry (0.10.3)
      coderay (~> 1.1.0)
      method_source (~> 0.8.1)
      slop (~> 3.4)
    slop (3.6.0)

PLATFORMS
  ruby

DEPENDENCIES
  evernote-thrift
  pry

BUNDLED WITH
   1.12.4
